PATH
  remote: .
  specs:
    xplenty-kensa (1.4.5)
      launchy (>= 0.3.2)
      mechanize (~> 2.6.0)
      rest-client (>= 1.4.0, < 1.7.0)
      term-ansicolor (~> 1.0)

GEM
  remote: https://rubygems.org/
  specs:
    addressable (2.3.5)
    archive-tar-minitar (0.5.2)
    artifice (0.6)
      rack-test
    colorize (0.5.8)
    columnize (0.3.6)
    contest (0.1.3)
    coveralls (0.6.7)
      colorize
      multi_json (~> 1.3)
      rest-client
      simplecov (>= 0.7)
      thor
    domain_name (0.5.13)
      unf (>= 0.0.5, < 1.0.0)
    fakefs (0.4.2)
    haml (4.0.3)
      tilt
    launchy (2.3.0)
      addressable (~> 2.3)
    linecache (0.46)
      rbx-require-relative (> 0.0.4)
    linecache19 (0.5.12)
      ruby_core_source (>= 0.1.4)
    mechanize (2.6.0)
      domain_name (~> 0.5, >= 0.5.1)
      mime-types (~> 1.17, >= 1.17.2)
      net-http-digest_auth (~> 1.1, >= 1.1.1)
      net-http-persistent (~> 2.5, >= 2.5.2)
      nokogiri (~> 1.4)
      ntlm-http (~> 0.1, >= 0.1.1)
      webrobots (>= 0.0.9, < 0.2)
    mime-types (1.24)
    mini_portile (0.5.1)
    multi_json (1.7.9)
    net-http-digest_auth (1.4)
    net-http-persistent (2.9)
    nokogiri (1.6.0)
      mini_portile (~> 0.5.0)
    ntlm-http (0.1.1)
    rack (1.5.2)
    rack-protection (1.5.0)
      rack
    rack-test (0.6.2)
      rack (>= 1.0)
    rake (10.1.0)
    rbx-require-relative (0.0.9)
    rest-client (1.6.7)
      mime-types (>= 1.16)
    rr (1.1.2)
    ruby-debug (0.10.4)
      columnize (>= 0.1)
      ruby-debug-base (~> 0.10.4.0)
    ruby-debug-base (0.10.4)
      linecache (>= 0.3)
    ruby-debug-base19 (0.11.25)
      columnize (>= 0.3.1)
      linecache19 (>= 0.5.11)
      ruby_core_source (>= 0.1.4)
    ruby-debug19 (0.11.6)
      columnize (>= 0.3.1)
      linecache19 (>= 0.5.11)
      ruby-debug-base19 (>= 0.11.19)
    ruby_core_source (0.1.5)
      archive-tar-minitar (>= 0.5.2)
    simplecov (0.7.1)
      multi_json (~> 1.0)
      simplecov-html (~> 0.7.1)
    simplecov-html (0.7.1)
    sinatra (1.4.3)
      rack (~> 1.4)
      rack-protection (~> 1.4)
      tilt (~> 1.3, >= 1.3.4)
    term-ansicolor (1.2.2)
      tins (~> 0.8)
    thor (0.18.1)
    tilt (1.4.1)
    timecop (0.6.3)
    tins (0.9.0)
    unf (0.1.2)
      unf_ext
    unf_ext (0.0.6)
    webrobots (0.1.1)

PLATFORMS
  ruby

DEPENDENCIES
  artifice
  contest
  coveralls
  fakefs
  haml
  rake
  rr
  ruby-debug
  ruby-debug19
  sinatra (>= 0.9)
  timecop (>= 0.3.5)
  xplenty-kensa!
